PATH
  remote: .
  specs:
    danger-swiftlint (0.37.2)
      danger
      rake (> 10)
      thor (~> 1.4)

GEM
  remote: https://rubygems.org/
  specs:
    addressable (2.8.5)
      public_suffix (>= 2.0.2, < 6.0)
    ast (2.4.2)
    bacon (1.2.0)
    base64 (0.2.0)
    claide (1.1.0)
    claide-plugins (0.9.2)
      cork
      nap
      open4 (~> 1.3)
    coderay (1.1.3)
    colored2 (3.1.2)
    cork (0.3.0)
      colored2 (~> 3.1)
    danger (9.4.1)
      claide (~> 1.0)
      claide-plugins (>= 0.9.2)
      colored2 (~> 3.1)
      cork (~> 0.1)
      faraday (>= 0.9.0, < 3.0)
      faraday-http-cache (~> 2.0)
      git (~> 1.13)
      kramdown (~> 2.3)
      kramdown-parser-gfm (~> 1.0)
      no_proxy_fix
      octokit (>= 6.0)
      terminal-table (>= 1, < 4)
    danger-rubocop (0.8.1)
      danger
      rubocop
    diff-lcs (1.5.0)
    faraday (2.7.12)
      base64
      faraday-net_http (>= 2.0, < 3.1)
      ruby2_keywords (>= 0.0.4)
    faraday-http-cache (2.5.0)
      faraday (>= 0.8)
    faraday-net_http (3.0.2)
    ffi (1.16.3)
    formatador (1.1.1)
    git (1.18.0)
      addressable (~> 2.8)
      rchardet (~> 1.8)
    guard (2.19.1)
      formatador (>= 0.2.4)
      listen (>= 2.7, < 4.0)
      logger (~> 1.6)
      lumberjack (>= 1.0.12, < 2.0)
      nenv (~> 0.1)
      notiffany (~> 0.0)
      ostruct (~> 0.6)
      pry (>= 0.13.0)
      shellany (~> 0.0)
      thor (>= 0.18.1)
    guard-compat (1.2.1)
    guard-rspec (4.7.3)
      guard (~> 2.1)
      guard-compat (~> 1.1)
      rspec (>= 2.99.0, < 4.0)
    kramdown (2.4.0)
      rexml
    kramdown-parser-gfm (1.1.0)
      kramdown (~> 2.0)
    listen (3.0.7)
      rb-fsevent (>= 0.9.3)
      rb-inotify (>= 0.9.7)
    logger (1.7.0)
    lumberjack (1.3.2)
    method_source (1.0.0)
    mocha (2.1.0)
      ruby2_keywords (>= 0.0.5)
    mocha-on-bacon (0.2.3)
      mocha (>= 0.13.0)
    nap (1.1.0)
    nenv (0.3.0)
    no_proxy_fix (0.1.2)
    notiffany (0.1.3)
      nenv (~> 0.1)
      shellany (~> 0.0)
    octokit (8.0.0)
      faraday (>= 1, < 3)
      sawyer (~> 0.9)
    open4 (1.3.4)
    ostruct (0.6.3)
    parallel (1.23.0)
    parser (2.7.2.0)
      ast (~> 2.4.1)
    powerpack (0.1.3)
    prettybacon (0.0.2)
      bacon (~> 1.2)
    pry (0.14.2)
      coderay (~> 1.1)
      method_source (~> 1.0)
    public_suffix (5.0.4)
    rainbow (2.2.2)
      rake
    rake (13.1.0)
    rb-fsevent (0.11.2)
    rb-inotify (0.10.1)
      ffi (~> 1.0)
    rchardet (1.8.0)
    rexml (3.2.6)
    rspec (3.12.0)
      rspec-core (~> 3.12.0)
      rspec-expectations (~> 3.12.0)
      rspec-mocks (~> 3.12.0)
    rspec-core (3.12.2)
      rspec-support (~> 3.12.0)
    rspec-expectations (3.12.3)
      diff-lcs (>= 1.2.0, < 2.0)
      rspec-support (~> 3.12.0)
    rspec-mocks (3.12.6)
      diff-lcs (>= 1.2.0, < 2.0)
      rspec-support (~> 3.12.0)
    rspec-support (3.12.1)
    rubocop (0.50.0)
      parallel (~> 1.10)
      parser (>= 2.3.3.1, < 3.0)
      powerpack (~> 0.1)
      rainbow (>= 2.2.2, < 3.0)
      ruby-progressbar (~> 1.7)
      unicode-display_width (~> 1.0, >= 1.0.1)
    ruby-progressbar (1.13.0)
    ruby2_keywords (0.0.5)
    sawyer (0.9.2)
      addressable (>= 2.3.5)
      faraday (>= 0.17.3, < 3)
    shellany (0.0.1)
    terminal-table (3.0.2)
      unicode-display_width (>= 1.1.1, < 3)
    thor (1.4.0)
    unicode-display_width (1.8.0)

PLATFORMS
  ruby

DEPENDENCIES
  bacon
  bundler
  danger
  danger-rubocop
  danger-swiftlint!
  guard (~> 2.19)
  guard-rspec (~> 4.7)
  listen (= 3.0.7)
  mocha
  mocha-on-bacon
  prettybacon
  pry
  rspec (~> 3.4)
  rubocop (~> 0.50.0)

BUNDLED WITH
   2.3.9
